GEM
  remote: https://rubygems.org/
  specs:
    coderay (1.0.8)
    diff-lcs (1.1.3)
    gokdok (0.4.2)
      grit (>= 1.1.1)
    grit (2.5.0)
      diff-lcs (~> 1.1)
      mime-types (~> 1.15)
      posix-spawn (~> 0.3.6)
    json (1.7.6)
    method_source (0.8.1)
    mime-types (1.19)
    posix-spawn (0.3.6)
    pry (0.9.11.3)
      coderay (~> 1.0.5)
      method_source (~> 0.8)
      slop (~> 3.4)
    rake (10.0.3)
    rdoc (3.12)
      json (~> 1.4)
    slop (3.4.3)
    test-unit (2.5.3)

PLATFORMS
  ruby

DEPENDENCIES
  gokdok
  pry
  rake
  rdoc
  test-unit
